GEM
  remote: https://rubygems.org/
  specs:
    aws-sdk (2.5.7)
      aws-sdk-resources (= 2.5.7)
    aws-sdk-core (2.5.7)
      jmespath (~> 1.0)
    aws-sdk-resources (2.5.7)
      aws-sdk-core (= 2.5.7)
    jmespath (1.3.1)
    rubyzip (1.2.0)

PLATFORMS
  ruby

DEPENDENCIES
  aws-sdk (~> 2)
  rubyzip (~> 1.2)

BUNDLED WITH
   1.11.2
